GEM
  remote: https://rubygems.org/
  specs:
    colorizer (0.0.2)

PLATFORMS
  ruby

DEPENDENCIES
  colorizer

BUNDLED WITH
   2.1.2
